GEM
  remote: https://rubygems.org/
  specs:
    activesupport (5.1.2)
      concurrent-ruby (~> 1.0, >= 1.0.2)
      i18n (~> 0.7)
      minitest (~> 5.1)
      tzinfo (~> 1.1)
    addressable (2.5.2)
      public_suffix (>= 2.0.2, < 4.0)
    async-rack (0.5.1)
      rack (~> 1.1)
    concurrent-ruby (1.0.5)
    cookiejar (0.3.3)
    einhorn (0.7.4)
    em-http-request (1.1.5)
      addressable (>= 2.3.4)
      cookiejar (!= 0.3.1)
      em-socksify (>= 0.3)
      eventmachine (>= 1.0.3)
      http_parser.rb (>= 0.6.0)
    em-socksify (0.3.1)
      eventmachine (>= 1.0.0.beta.4)
    em-synchrony (1.0.6)
      eventmachine (>= 1.0.0.beta.1)
    em-websocket (0.3.8)
      addressable (>= 2.1.1)
      eventmachine (>= 0.12.9)
    erubis (2.7.0)
    eventmachine (1.0.9.1)
    faraday (0.12.2)
      multipart-post (>= 1.2, < 3)
    goliath (1.0.6)
      async-rack
      einhorn
      em-synchrony (>= 1.0.0)
      em-websocket (= 0.3.8)
      eventmachine (>= 1.0.0.beta.4)
      http_parser.rb (>= 0.6.0)
      log4r
      multi_json
      rack (>= 1.2.2)
      rack-contrib
      rack-respond_to
    http_parser.rb (0.6.0)
    i18n (0.8.6)
    log4r (1.1.10)
    minitest (5.10.3)
    multi_json (1.12.2)
    multipart-post (2.0.0)
    public_suffix (3.0.0)
    rack (1.6.8)
    rack-accept-media-types (0.9)
    rack-contrib (1.7.0)
      rack (~> 1.4)
    rack-respond_to (0.9.8)
      rack-accept-media-types (>= 0.6)
    rake (12.0.0)
    sentry-raven (2.6.2)
      faraday (>= 0.7.6, < 1.0)
    thread_safe (0.3.6)
    tzinfo (1.2.3)
      thread_safe (~> 0.1)

PLATFORMS
  ruby

DEPENDENCIES
  activesupport
  em-http-request
  em-synchrony
  erubis
  eventmachine (= 1.0.9.1)
  goliath
  minitest
  rake
  sentry-raven

RUBY VERSION
   ruby 2.3.1p112

BUNDLED WITH
   1.15.1
